GEM
  remote: https://rubygems.org/
  specs:
    ast (2.4.2)
    async (2.2.1)
      console (~> 1.10)
      io-event (~> 1.1.0)
      timers (~> 4.1)
    async-container (0.16.12)
      async
      async-io
    async-http (0.59.2)
      async (>= 1.25)
      async-io (>= 1.28)
      async-pool (>= 0.2)
      protocol-http (~> 0.23.1)
      protocol-http1 (~> 0.14.0)
      protocol-http2 (~> 0.14.0)
      traces (>= 0.4.0)
    async-http-cache (0.4.3)
      async-http (~> 0.56)
    async-io (1.34.0)
      async
    async-pool (0.3.12)
      async (>= 1.25)
    build-environment (1.13.0)
    coderay (1.1.3)
    concurrent-ruby (1.1.10)
    console (1.16.2)
      fiber-local
    daemons (1.4.1)
    diff-lcs (1.5.0)
    eventmachine (1.2.7)
    faker (2.23.0)
      i18n (>= 1.8.11, < 2)
    falcon (0.42.3)
      async
      async-container (~> 0.16.0)
      async-http (~> 0.57)
      async-http-cache (~> 0.4.0)
      async-io (~> 1.22)
      build-environment (~> 1.13)
      bundler
      localhost (~> 1.1)
      openssl (~> 3.0)
      process-metrics (~> 0.2.0)
      protocol-rack (~> 0.1)
      samovar (~> 2.1)
    fiber-local (1.0.0)
    i18n (1.12.0)
      concurrent-ruby (~> 1.0)
    io-event (1.1.1)
    json (2.6.2)
    localhost (1.1.9)
    mapping (1.1.1)
    method_source (1.0.0)
    mini_portile2 (2.8.0)
    multi_json (1.15.0)
    mustermann (3.0.0)
      ruby2_keywords (~> 0.0.1)
    nio4r (2.5.8)
    nokogiri (1.13.8)
      mini_portile2 (~> 2.8.0)
      racc (~> 1.4)
    openssl (3.0.1)
    parallel (1.22.1)
    parser (3.1.2.1)
      ast (~> 2.4.1)
    process-metrics (0.2.1)
      console (~> 1.8)
      samovar (~> 2.1)
    protocol-hpack (1.4.2)
    protocol-http (0.23.12)
    protocol-http1 (0.14.6)
      protocol-http (~> 0.22)
    protocol-http2 (0.14.2)
      protocol-hpack (~> 1.4)
      protocol-http (~> 0.18)
    protocol-rack (0.2.4)
      protocol-http (~> 0.23)
      rack (>= 1.0)
    pry (0.14.1)
      coderay (~> 1.1)
      method_source (~> 1.0)
    puma (6.0.0)
      nio4r (~> 2.0)
    racc (1.6.0)
    rack (2.2.4)
    rack-protection (3.0.2)
      rack
    rainbow (3.1.1)
    rake (13.0.6)
    regexp_parser (2.6.0)
    rexml (3.2.5)
    rspec (3.11.0)
      rspec-core (~> 3.11.0)
      rspec-expectations (~> 3.11.0)
      rspec-mocks (~> 3.11.0)
    rspec-core (3.11.0)
      rspec-support (~> 3.11.0)
    rspec-expectations (3.11.1)
      diff-lcs (>= 1.2.0, < 2.0)
      rspec-support (~> 3.11.0)
    rspec-mocks (3.11.1)
      diff-lcs (>= 1.2.0, < 2.0)
      rspec-support (~> 3.11.0)
    rspec-support (3.11.1)
    rubocop (1.36.0)
      json (~> 2.3)
      parallel (~> 1.10)
      parser (>= 3.1.2.1)
      rainbow (>= 2.2.2, < 4.0)
      regexp_parser (>= 1.8, < 3.0)
      rexml (>= 3.2.5, < 4.0)
      rubocop-ast (>= 1.20.1, < 2.0)
      ruby-progressbar (~> 1.7)
      unicode-display_width (>= 1.4.0, < 3.0)
    rubocop-ast (1.22.0)
      parser (>= 3.1.1.0)
    ruby-progressbar (1.11.0)
    ruby2_keywords (0.0.5)
    samovar (2.1.4)
      console (~> 1.0)
      mapping (~> 1.0)
    sinatra (3.0.2)
      mustermann (~> 3.0)
      rack (~> 2.2, >= 2.2.4)
      rack-protection (= 3.0.2)
      tilt (~> 2.0)
    sinatra-contrib (3.0.2)
      multi_json
      mustermann (~> 3.0)
      rack-protection (= 3.0.2)
      sinatra (= 3.0.2)
      tilt (~> 2.0)
    sinatra-cross_origin (0.3.2)
    thin (1.8.1)
      daemons (~> 1.0, >= 1.0.9)
      eventmachine (~> 1.0, >= 1.0.4)
      rack (>= 1, < 3)
    tilt (2.0.11)
    timers (4.3.5)
    traces (0.7.0)
    unicode-display_width (2.3.0)
    webrick (1.7.0)

PLATFORMS
  ruby

DEPENDENCIES
  faker
  falcon (~> 0.42.3)
  nokogiri
  pry
  puma (~> 6.0)
  rake
  rspec
  rubocop
  sinatra
  sinatra-contrib
  sinatra-cross_origin (~> 0.3.1)
  thin (~> 1.8)
  webrick (~> 1.7)

RUBY VERSION
   ruby 3.1.2p20

BUNDLED WITH
   2.3.20
